GIT
  remote: https://github.com/Mijyuoon/MijDiscord.git
  revision: a51571821aea5f0264a28b416d10c70f3978c143
  specs:
    mij-discord (1.0.13)
      rest-client (~> 2.0)
      websocket-client-simple (~> 0.3)

GEM
  remote: https://rubygems.org/
  specs:
    domain_name (0.5.20190701)
      unf (>= 0.0.5, < 1.0.0)
    event_emitter (0.2.6)
    http-accept (1.7.0)
    http-cookie (1.0.4)
      domain_name (~> 0.5)
    mime-types (3.4.1)
      mime-types-data (~> 3.2015)
    mime-types-data (3.2022.0105)
    netrc (0.11.0)
    pg (1.3.3)
    rest-client (2.1.0)
      http-accept (>= 1.7.0, < 2.0)
      http-cookie (>= 1.0.2, < 2.0)
      mime-types (>= 1.16, < 4.0)
      netrc (~> 0.8)
    unf (0.1.4)
      unf_ext
    unf_ext (0.0.8)
    websocket (1.2.9)
    websocket-client-simple (0.5.1)
      event_emitter
      websocket

PLATFORMS
  x86_64-linux

DEPENDENCIES
  mij-discord!
  pg

BUNDLED WITH
   2.3.8
